GEM
  remote: https://rubygems.org/
  specs:
    activesupport (6.1.4)
      concurrent-ruby (~> 1.0, >= 1.0.2)
      i18n (>= 1.6, < 2)
      minitest (>= 5.1)
      tzinfo (~> 2.0)
      zeitwerk (~> 2.3)
    attribute_struct (0.4.4)
      bogo (>= 0.1.31, < 0.3.0)
    aws-eventstream (1.1.1)
    aws-partitions (1.487.0)
    aws-sdk-acm (1.44.0)
      aws-sdk-core (~> 3, >= 3.119.0)
      aws-sigv4 (~> 1.1)
    aws-sdk-cloudformation (1.55.0)
      aws-sdk-core (~> 3, >= 3.119.0)
      aws-sigv4 (~> 1.1)
    aws-sdk-core (3.119.0)
      aws-eventstream (~> 1, >= 1.0.2)
      aws-partitions (~> 1, >= 1.239.0)
      aws-sigv4 (~> 1.1)
      jmespath (~> 1.0)
    aws-sdk-ec2 (1.254.0)
      aws-sdk-core (~> 3, >= 3.119.0)
      aws-sigv4 (~> 1.1)
    aws-sdk-ecr (1.44.0)
      aws-sdk-core (~> 3, >= 3.119.0)
      aws-sigv4 (~> 1.1)
    aws-sdk-iam (1.59.0)
      aws-sdk-core (~> 3, >= 3.119.0)
      aws-sigv4 (~> 1.1)
    aws-sdk-kms (1.46.0)
      aws-sdk-core (~> 3, >= 3.119.0)
      aws-sigv4 (~> 1.1)
    aws-sdk-s3 (1.98.0)
      aws-sdk-core (~> 3, >= 3.119.0)
      aws-sdk-kms (~> 1)
      aws-sigv4 (~> 1.1)
    aws-sdk-sns (1.44.0)
      aws-sdk-core (~> 3, >= 3.119.0)
      aws-sigv4 (~> 1.1)
    aws-sdk-ssm (1.115.0)
      aws-sdk-core (~> 3, >= 3.119.0)
      aws-sigv4 (~> 1.1)
    aws-sigv4 (1.2.4)
      aws-eventstream (~> 1, >= 1.0.2)
    bogo (0.2.14)
      concurrent-ruby (~> 1.1.3)
      hashie
      multi_json
    cfn-model (0.6.0)
      kwalify (= 0.7.2)
      psych (~> 3)
    cfn-nag (0.7.14)
      aws-sdk-s3 (~> 1.76)
      cfn-model (= 0.6.0)
      lightly (~> 0.3.2)
      logging (~> 2.2.2)
      netaddr (~> 2.0.4)
      optimist (~> 3.0.0)
      rexml
    cfndsl (1.3.3)
      hana (~> 1.3)
    commander (4.6.0)
      highline (~> 2.0.0)
    concurrent-ruby (1.1.9)
    deep_merge (1.2.1)
    diff-lcs (1.4.4)
    diffy (3.4.0)
    ejson (1.3.0)
    ejson_wrapper (0.4.1)
      aws-sdk-kms
      ejson
    erubis (2.7.0)
    hana (1.3.7)
    hashdiff (1.0.1)
    hashie (4.1.0)
    highline (2.0.3)
    i18n (1.8.10)
      concurrent-ruby (~> 1.0)
    jmespath (1.4.0)
    kwalify (0.7.2)
    lightly (0.3.3)
    little-plugger (1.1.4)
    logging (2.2.2)
      little-plugger (~> 1.1)
      multi_json (~> 1.10)
    minitest (5.14.4)
    multi_json (1.15.0)
    netaddr (2.0.4)
    optimist (3.0.1)
    os (1.1.1)
    psych (3.3.2)
    rainbow (3.0.0)
    rexml (3.2.5)
    ruby-progressbar (1.11.0)
    sparkle_formation (3.0.40)
      attribute_struct (>= 0.4.3, < 0.5)
      bogo
      multi_json
    stack_master (2.13.0)
      activesupport (>= 4)
      aws-sdk-acm (~> 1)
      aws-sdk-cloudformation (~> 1)
      aws-sdk-ec2 (~> 1)
      aws-sdk-ecr (~> 1)
      aws-sdk-iam (~> 1)
      aws-sdk-s3 (~> 1)
      aws-sdk-sns (~> 1)
      aws-sdk-ssm (~> 1)
      cfn-nag (>= 0.6.7, < 0.8.0)
      cfndsl (~> 1)
      commander (>= 4.5.2, < 5)
      deep_merge
      diff-lcs
      diffy
      ejson_wrapper
      erubis
      hashdiff (~> 1)
      multi_json
      os
      rainbow
      ruby-progressbar
      sparkle_formation (~> 3)
      table_print
    table_print (1.5.7)
    tzinfo (2.0.4)
      concurrent-ruby (~> 1.0)
    zeitwerk (2.4.2)

PLATFORMS
  x64-mingw32

DEPENDENCIES
  stack_master

BUNDLED WITH
   2.2.22
